GEM
  remote: https://rubygems.org/
  specs:
    bcrypt_pbkdf (1.1.1)
    ed25519 (1.3.0)
    net-ssh (7.2.3)

PLATFORMS
  ruby
  x86_64-linux

DEPENDENCIES
  bcrypt_pbkdf (>= 1.0, < 2.0)
  ed25519 (>= 1.2, < 2.0)
  net-ssh (~> 7.2, >= 7.2.3)

BUNDLED WITH
   2.5.19
